GEM
  remote: https://rubygems.org/
  remote: http://gems.datadoghq.com/trace-dev/
  specs:
    backports (3.6.8)
    concurrent-ruby (1.0.5)
    connection_pool (2.2.1)
    ddtrace (0.7.1.pre.944)
      msgpack
    json (2.0.3)
    msgpack (1.1.0)
    multi_json (1.12.1)
    rack (1.6.5)
    rack-protection (1.5.3)
      rack
    rack-test (0.6.3)
      rack (>= 1.0)
    redis (3.3.2)
    sidekiq (4.2.9)
      concurrent-ruby (~> 1.0)
      connection_pool (~> 2.2, >= 2.2.0)
      rack-protection (>= 1.5.0)
      redis (~> 3.2, >= 3.2.1)
    sinatra (1.4.7)
      rack (~> 1.5)
      rack-protection (~> 1.4)
      tilt (>= 1.3, < 3)
    sinatra-contrib (1.4.7)
      backports (>= 2.0)
      multi_json
      rack-protection
      rack-test
      sinatra (~> 1.4.0)
      tilt (>= 1.3, < 3)
    tilt (2.0.5)

PLATFORMS
  ruby

DEPENDENCIES
  connection_pool
  ddtrace (= 0.7.1.pre.944)!
  json
  redis
  sidekiq
  sinatra
  sinatra-contrib

BUNDLED WITH
   1.14.6
