GIT
  remote: https://github.com/DataDog/dd-trace-rb
  revision: 8dcff9b3b5569f8289be4907d9fcbf98ddf529f2
  ref: 8dcff9b3b5569f8289be4907d9fcbf98ddf529f2
  specs:
    ddtrace (0.3.1)
      msgpack

GEM
  remote: https://rubygems.org/
  specs:
    backports (3.6.8)
    connection_pool (2.2.1)
    json (2.0.3)
    msgpack (1.0.2)
    multi_json (1.12.1)
    rack (1.6.5)
    rack-protection (1.5.3)
      rack
    rack-test (0.6.3)
      rack (>= 1.0)
    redis (3.3.2)
    sinatra (1.4.7)
      rack (~> 1.5)
      rack-protection (~> 1.4)
      tilt (>= 1.3, < 3)
    sinatra-contrib (1.4.7)
      backports (>= 2.0)
      multi_json
      rack-protection
      rack-test
      sinatra (~> 1.4.0)
      tilt (>= 1.3, < 3)
    tilt (2.0.5)

PLATFORMS
  ruby

DEPENDENCIES
  connection_pool
  ddtrace!
  json
  redis
  sinatra
  sinatra-contrib

BUNDLED WITH
   1.14.0
